GEM
  remote: https://rubygems.org/
  specs:
    addressable (2.3.5)
    builder (3.2.2)
    connection_pool (2.0.0)
    diff-lcs (1.1.3)
    docile (1.1.1)
    faraday (0.8.8)
      multipart-post (~> 1.2.0)
    fluent-logger (0.4.7)
      msgpack (>= 0.4.4, < 0.6.0, != 0.5.3, != 0.5.2, != 0.5.1, != 0.5.0)
      yajl-ruby (~> 1.0)
    git (1.2.6)
    github_api (0.10.1)
      addressable
      faraday (~> 0.8.1)
      hashie (>= 1.2)
      multi_json (~> 1.4)
      nokogiri (~> 1.5.2)
      oauth2
    hashie (2.0.5)
    highline (1.6.20)
    httpauth (0.2.0)
    jeweler (1.8.8)
      builder
      bundler (~> 1.0)
      git (>= 1.2.5)
      github_api (= 0.10.1)
      highline (>= 1.6.15)
      nokogiri (= 1.5.10)
      rake
      rdoc
    json (1.8.1)
    jwt (0.1.8)
      multi_json (>= 1.5)
    msgpack (0.5.8)
    multi_json (1.8.2)
    multi_xml (0.5.5)
    multipart-post (1.2.0)
    nokogiri (1.5.10)
    oauth2 (0.9.2)
      faraday (~> 0.8)
      httpauth (~> 0.2)
      jwt (~> 0.1.4)
      multi_json (~> 1.0)
      multi_xml (~> 0.5)
      rack (~> 1.2)
    rack (1.5.2)
    rake (10.1.1)
    rdoc (3.12.2)
      json (~> 1.4)
    rr (1.1.2)
    rspec (2.8.0)
      rspec-core (~> 2.8.0)
      rspec-expectations (~> 2.8.0)
      rspec-mocks (~> 2.8.0)
    rspec-core (2.8.0)
    rspec-expectations (2.8.0)
      diff-lcs (~> 1.1.2)
    rspec-mocks (2.8.0)
    simplecov (0.8.2)
      docile (~> 1.1.0)
      multi_json
      simplecov-html (~> 0.8.0)
    simplecov-html (0.8.0)
    yajl-ruby (1.2.0)
    yell (2.0.1)

PLATFORMS
  ruby

DEPENDENCIES
  bundler (~> 1.0)
  connection_pool
  fluent-logger (~> 0.4.3)
  jeweler (~> 1.8.7)
  rdoc (~> 3.12)
  rr
  rspec (~> 2.8.0)
  simplecov
  yell (~> 2.0)
